GEM
  remote: https://rubygems.org/
  specs:
    ansi (1.5.0)
    ast (2.4.0)
    builder (3.2.3)
    jaro_winkler (1.5.2)
    metaclass (0.0.4)
    minitest (5.11.3)
    minitest-reporters (1.3.6)
      ansi
      builder
      minitest (>= 5.0)
      ruby-progressbar
    mocha (1.8.0)
      metaclass (~> 0.0.1)
    parallel (1.13.0)
    parser (2.6.0.0)
      ast (~> 2.4.0)
    powerpack (0.1.2)
    psych (3.1.0)
    rainbow (3.0.0)
    rake (12.3.2)
    rubocop (0.65.0)
      jaro_winkler (~> 1.5.1)
      parallel (~> 1.10)
      parser (>= 2.5, != 2.5.1.1)
      powerpack (~> 0.1)
      psych (>= 3.1.0)
      rainbow (>= 2.2.2, < 4.0)
      ruby-progressbar (~> 1.7)
      unicode-display_width (~> 1.4.0)
    ruby-progressbar (1.10.0)
    subcommand (1.0.6)
    unicode-display_width (1.4.1)
    zeitwerk (1.3.2)

PLATFORMS
  ruby

DEPENDENCIES
  minitest
  minitest-reporters
  mocha
  rake
  rubocop
  subcommand
  zeitwerk

BUNDLED WITH
   1.17.3
